GEM
  remote: https://rubygems.org/
  specs:
    ast (2.4.1)
    bcrypt (3.1.16)
    coderay (1.1.3)
    diff-lcs (1.4.4)
    dotenv (2.7.6)
    dry-inflector (0.2.0)
    erubis (2.7.0)
    method_source (0.9.2)
    parallel (1.20.0)
    parser (2.7.2.0)
      ast (~> 2.4.1)
    pg (0.18.4)
    pry (0.12.2)
      coderay (~> 1.1.0)
      method_source (~> 0.9.0)
    rack (2.2.6.4)
    rack-protection (1.5.5)
      rack
    rack-test (1.1.0)
      rack (>= 1.0, < 3)
    rack-unreloader (1.7.0)
    rack_csrf (2.5.0)
      rack (>= 1.1.0)
    rainbow (3.0.0)
    regexp_parser (1.8.2)
    rexml (3.2.5)
    roda (3.26.0)
      rack
    rspec (3.10.0)
      rspec-core (~> 3.10.0)
      rspec-expectations (~> 3.10.0)
      rspec-mocks (~> 3.10.0)
    rspec-core (3.10.0)
      rspec-support (~> 3.10.0)
    rspec-expectations (3.10.0)
      diff-lcs (>= 1.2.0, < 2.0)
      rspec-support (~> 3.10.0)
    rspec-its (1.2.0)
      rspec-core (>= 3.0.0)
      rspec-expectations (>= 3.0.0)
    rspec-mocks (3.10.0)
      diff-lcs (>= 1.2.0, < 2.0)
      rspec-support (~> 3.10.0)
    rspec-roda (0.2.2)
      dry-inflector
      rack-test (~> 1.0)
      roda
      rspec (~> 3.7)
      rspec-its (~> 1.2.0)
    rspec-support (3.10.0)
    rubocop (1.3.1)
      parallel (~> 1.10)
      parser (>= 2.7.1.5)
      rainbow (>= 2.2.2, < 4.0)
      regexp_parser (>= 1.8)
      rexml
      rubocop-ast (>= 1.1.1)
      ruby-progressbar (~> 1.7)
      unicode-display_width (>= 1.4.0, < 2.0)
    rubocop-ast (1.1.1)
      parser (>= 2.7.1.5)
    rubocop-packaging (0.5.1)
      rubocop (>= 0.89, < 2.0)
    rubocop-performance (1.9.0)
      rubocop (>= 0.90.0, < 2.0)
      rubocop-ast (>= 0.4.0)
    ruby-progressbar (1.10.1)
    sequel (4.49.0)
    sequel-annotate (1.6.0)
      sequel (>= 4)
    tilt (2.0.10)
    unicode-display_width (1.7.0)

PLATFORMS
  ruby

DEPENDENCIES
  bcrypt (~> 3.1.10)
  dotenv (~> 2.1, >= 2.1.1)
  erubis (~> 2.7)
  pg (~> 0.18.4)
  pry (~> 0.12.2)
  rack (~> 2.2)
  rack-protection (~> 1.5.3)
  rack-unreloader
  rack_csrf (~> 2.5.0)
  roda (~> 3.26.0)
  rspec-roda
  rubocop
  rubocop-packaging
  rubocop-performance
  sequel (~> 4.21)
  sequel-annotate
  tilt (~> 2.0, >= 2.0.8)

BUNDLED WITH
   2.1.4
